GEM
  remote: http://gemcutter.org/
  specs:
    american_date (1.0.0)
    builder (3.0.0)
    childprocess (0.3.1)
      ffi (~> 1.0.6)
    colored (1.2)
    commonwatir (2.0.4.1)
      user-choices
    diff-lcs (1.1.3)
    ffi (1.0.11)
    hoe (2.16.1)
      rake (~> 0.8)
    logger (1.2.8)
    macaddr (1.5.0)
      systemu (>= 2.4.0)
    multi_json (1.1.0)
    nokogiri (1.5.2-x86-mingw32)
    rake (0.9.2.2)
    rautomation (0.6.3)
    rspec (2.9.0)
      rspec-core (~> 2.9.0)
      rspec-expectations (~> 2.9.0)
      rspec-mocks (~> 2.9.0)
    rspec-core (2.9.0)
    rspec-expectations (2.9.0)
      diff-lcs (~> 1.1.3)
    rspec-mocks (2.9.0)
    rubyzip (0.9.6.1)
    s4t-utils (1.0.4)
      hoe (>= 1.3.0)
    selenium-webdriver (2.20.0)
      childprocess (>= 0.2.5)
      ffi (~> 1.0)
      multi_json (~> 1.0)
      rubyzip
    systemu (2.5.0)
    user-choices (1.1.6.1)
      builder (>= 2.1.2)
      s4t-utils (>= 1.0.3)
      xml-simple (>= 1.0.11)
    uuid (2.3.5)
      macaddr (~> 1.0)
    watir (2.0.4.1)
      commonwatir (= 2.0.4.1)
      ffi (~> 1.0)
      nokogiri
      rautomation (~> 0.6.3)
      win32-process (>= 0.5.5)
      windows-pr (>= 0.6.6)
    watir-webdriver (0.5.3)
      selenium-webdriver (>= 2.12.0)
    watirmark (1.4.2)
      american_date
      logger
      watir
      watir-webdriver
      watirmark-log
    watirmark-log (1.0.5)
      colored
    win32-api (1.4.8-x86-mingw32)
    win32-process (0.6.5)
      windows-pr (>= 1.1.2)
    windows-api (0.4.1)
      win32-api (>= 1.4.5)
    windows-pr (1.2.1)
      win32-api (>= 1.4.5)
      windows-api (>= 0.3.0)
    xml-simple (1.1.1)

PLATFORMS
  x86-mingw32

DEPENDENCIES
  rspec
  uuid
  watir
  watirmark
